GIT
  remote: git://github.com/axsh/isono.git
  revision: 3caabddb030277a6707430a5a7dd3ae3b220b12a
  specs:
    isono (0.0.1)
      amqp (>= 0.6.7)
      eventmachine (>= 0.12.10)
      log4r
      statemachine (>= 1.0.0)

GEM
  remote: http://rubygems.org/
  specs:
    amqp (0.6.7)
      eventmachine (>= 0.12.4)
    eventmachine (0.12.10)
    extlib (0.9.15)
    log4r (1.1.8)
    ruby-hmac (0.4.0)
    statemachine (1.1.1)

PLATFORMS
  ruby

DEPENDENCIES
  extlib
  isono!
  ruby-hmac
  statemachine (= 1.1.1)
