PATH
  remote: /home/katsuo/dev/isono
  specs:
    isono (0.0.1)
      amqp (>= 0.6.7)
      eventmachine (>= 0.12.10)
      log4r
      statemachine (>= 1.0.0)

GEM
  remote: http://rubygems.org/
  specs:
    amqp (0.6.7)
      eventmachine (>= 0.12.4)
    eventmachine (0.12.10)
    log4r (1.1.8)
    statemachine (1.1.1)

PLATFORMS
  ruby

DEPENDENCIES
  isono!
  statemachine (= 1.1.1)
