GIT
  remote: git://github.com/axsh/isono.git
  revision: eeceab1c1756e44c9e3fb970b420968a66adf884
  specs:
    isono (0.1.0)
      amqp (>= 0.6.7)
      eventmachine (>= 0.12.10)
      log4r
      statemachine (>= 1.0.0)

GEM
  remote: http://rubygems.org/
  specs:
    activemodel (3.0.0)
      activesupport (= 3.0.0)
      builder (~> 2.1.2)
      i18n (~> 0.4.1)
    activeresource (3.0.0)
      activemodel (= 3.0.0)
      activesupport (= 3.0.0)
    activesupport (3.0.0)
    amqp (0.6.7)
      eventmachine (>= 0.12.4)
    bacon (1.1.0)
    builder (2.1.2)
    configuration (1.2.0)
    eventmachine (0.12.10)
    extlib (0.9.15)
    i18n (0.4.2)
    ipaddress (0.7.0)
    json (1.5.1)
    log4r (1.1.9)
    mime-types (1.16)
    mysql (2.8.1)
    open4 (1.0.1)
    rack (1.2.2)
    rake (0.8.7)
    rest-client (1.6.1)
      mime-types (>= 1.16)
    ruby-hmac (0.4.0)
    sequel (3.21.0)
    sinatra (1.2.1)
      rack (~> 1.1)
      tilt (>= 1.2.2, < 2.0)
    statemachine (1.1.1)
    thor (0.14.6)
    tilt (1.2.2)

PLATFORMS
  ruby

DEPENDENCIES
  activeresource (= 3.0.0)
  bacon
  configuration
  extlib (= 0.9.15)
  ipaddress (= 0.7.0)
  isono!
  json (>= 1.2.0)
  mysql (>= 2.8.1)
  open4 (= 1.0.1)
  rack (>= 1.2.1)
  rake (>= 0.8.7)
  rest-client
  ruby-hmac
  sequel (= 3.21.0)
  sinatra (= 1.2.1)
  statemachine (= 1.1.1)
  thor
