GEM
  remote: http://rubygems.org/
  specs:
    amqp (0.7.4)
      eventmachine
    backports (2.5.1)
    bit-struct (0.13.7)
    bond (0.4.2)
    builder (3.0.0)
    eventmachine (1.0.0.beta.4)
    extlib (0.9.15)
    ipaddress (0.8.0)
    isono (0.2.12)
      amqp (= 0.7.4)
      eventmachine (= 1.0.0.beta.4)
      log4r
      statemachine (>= 1.0.0)
    json (1.6.6)
    kgio (2.7.4)
    log4r (1.1.10)
    mysql2 (0.3.11)
    net-dhcp (1.1.1)
    nokogiri (1.5.2)
    posix-spawn (0.3.6)
    rack (1.4.1)
    rack-protection (1.2.0)
      rack
    rack-test (0.6.1)
      rack (>= 1.0)
    racket (1.0.12)
      bit-struct
    raindrops (0.9.0)
    rake (0.9.2.2)
    rbvmomi (1.5.1)
      builder
      nokogiri (>= 1.4.1)
      trollop
    ripl (0.6.4)
      bond (~> 0.4.0)
    ruby-hmac (0.4.0)
    sequel (3.36.1)
    sinatra (1.3.2)
      rack (~> 1.3, >= 1.3.6)
      rack-protection (~> 1.2)
      tilt (~> 1.3, >= 1.3.3)
    sinatra-contrib (1.3.1)
      backports (>= 2.0)
      eventmachine
      rack-protection
      rack-test
      sinatra (~> 1.3.0)
      tilt (~> 1.3)
    statemachine (2.0.1)
    thor (0.15.2)
    tilt (1.3.3)
    trollop (1.16.2)
    unicorn (4.3.1)
      kgio (~> 2.6)
      rack
      raindrops (~> 0.7)

PLATFORMS
  ruby

DEPENDENCIES
  bit-struct (>= 0.13.7)
  extlib (= 0.9.15)
  ipaddress (= 0.8.0)
  isono (= 0.2.12)
  json (>= 1.2.0)
  mysql2 (= 0.3.11)
  net-dhcp (>= 1.1.0)
  posix-spawn
  rack (= 1.4.1)
  rack-test (= 0.6.1)
  racket (>= 1.0.11)
  rake (= 0.9.2.2)
  rbvmomi (= 1.5.1)
  ripl
  ruby-hmac
  sequel (= 3.36.1)
  sinatra (= 1.3.2)
  sinatra-contrib (= 1.3.1)
  thor (= 0.15.2)
  unicorn (= 4.3.1)
