GEM
  remote: http://rubygems.org/
  specs:
    activemodel (3.0.0)
      activesupport (= 3.0.0)
      builder (~> 2.1.2)
      i18n (~> 0.4.1)
    activeresource (3.0.0)
      activemodel (= 3.0.0)
      activesupport (= 3.0.0)
    activesupport (3.0.0)
    amqp (0.7.4)
      eventmachine
    bacon (1.1.0)
    builder (2.1.2)
    configuration (1.2.0)
    eventmachine (1.0.0.beta.3)
    extlib (0.9.15)
    i18n (0.4.2)
    ipaddress (0.7.0)
    isono (0.2.7)
      amqp (= 0.7.4)
      eventmachine (= 1.0.0.beta.3)
      log4r
      statemachine (>= 1.0.0)
    json (1.5.3)
    kgio (2.6.0)
    log4r (1.1.9)
    mime-types (1.16)
    mysql (2.8.1)
    open4 (1.0.1)
    rack (1.3.2)
    rake (0.8.7)
    rest-client (1.6.6)
      mime-types (>= 1.16)
    ruby-hmac (0.4.0)
    sequel (3.21.0)
    sinatra (1.2.1)
      rack (~> 1.1)
      tilt (< 2.0, >= 1.2.2)
    statemachine (1.1.1)
    thor (0.14.6)
    tilt (1.3.2)
    unicorn (3.6.2)
      kgio (~> 2.3)
      rack

PLATFORMS
  ruby

DEPENDENCIES
  activeresource (= 3.0.0)
  bacon
  configuration
  extlib (= 0.9.15)
  ipaddress (= 0.7.0)
  isono (= 0.2.7)
  json (>= 1.2.0)
  mysql (>= 2.8.1)
  open4 (= 1.0.1)
  rack (>= 1.2.1)
  rake (= 0.8.7)
  rest-client
  ruby-hmac
  sequel (= 3.21.0)
  sinatra (= 1.2.1)
  statemachine (= 1.1.1)
  thor (= 0.14.6)
  unicorn (= 3.6.2)
