GEM
  remote: http://rubygems.org/
  specs:
    amqp (0.7.4)
      eventmachine
    bacon (1.1.0)
    configuration (1.2.0)
    eventmachine (1.0.0.beta.3)
    extlib (0.9.15)
    ipaddress (0.7.0)
    isono (0.2.8)
      amqp (= 0.7.4)
      eventmachine (= 1.0.0.beta.3)
      log4r
      statemachine (>= 1.0.0)
    json (1.5.3)
    kgio (2.6.0)
    log4r (1.1.9)
    mime-types (1.16)
    mysql (2.8.1)
    open4 (1.0.1)
    rack (1.3.2)
    raindrops (0.7.0)
    rake (0.9.2)
    rest-client (1.6.6)
      mime-types (>= 1.16)
    ruby-hmac (0.4.0)
    sequel (3.27.0)
    sinatra (1.2.6)
      rack (~> 1.1)
      tilt (>= 1.2.2, < 2.0)
    statemachine (1.1.1)
    thor (0.14.6)
    tilt (1.3.3)
    unicorn (4.1.1)
      kgio (~> 2.4)
      rack
      raindrops (~> 0.6)

PLATFORMS
  ruby

DEPENDENCIES
  bacon
  configuration
  extlib (= 0.9.15)
  ipaddress (= 0.7.0)
  isono (= 0.2.8)
  json (>= 1.2.0)
  mysql (>= 2.8.1)
  open4 (= 1.0.1)
  rack (>= 1.3.2)
  rake (= 0.9.2)
  rest-client
  ruby-hmac
  sequel (= 3.27.0)
  sinatra (= 1.2.6)
  thor (= 0.14.6)
  unicorn (= 4.1.1)
